GEM
  remote: https://rubygems.org/
  specs:
    coderay (1.1.2)
    method_source (0.9.0)
    pry (0.11.3)
      coderay (~> 1.1.0)
      method_source (~> 0.9.0)
    test-unit (2.5.5)

PLATFORMS
  ruby

DEPENDENCIES
  pry
  test-unit

BUNDLED WITH
   1.16.2
